GEM
  remote: https://rubygems.org/
  specs:
    childprocess (0.3.9)
      ffi (~> 1.0, >= 1.0.11)
    ffi (1.9.0)
    multi_json (1.7.9)
    rubyzip (0.9.9)
    selenium-webdriver (2.35.0)
      childprocess (>= 0.2.5)
      multi_json (~> 1.0)
      rubyzip
      websocket (~> 1.0.4)
    websocket (1.0.7)

PLATFORMS
  ruby

DEPENDENCIES
  selenium-webdriver (~> 2.35.0)
